GEM
  remote: https://rubygems.org/
  specs:
    net-ping (1.7.4)
    ruby-progressbar (1.5.1)

PLATFORMS
  ruby

DEPENDENCIES
  net-ping
  ruby-progressbar
